GEM
  remote: https://rubygems.org/
  specs:
    minitest (5.10.2)
    minitest-colorize (0.0.5)
      minitest (>= 2.0)

PLATFORMS
  ruby

DEPENDENCIES
  minitest-colorize

BUNDLED WITH
   1.15.1
